GEM
  remote: http://rubygems.org/
  specs:
<<<<<<< HEAD
    clamp (0.5.0)
    httparty (0.9.0)
      multi_json (~> 1.0)
      multi_xml
    json (1.7.5)
    multi_json (1.3.7)
    multi_xml (0.5.1)
    net-scp (1.0.4)
      net-ssh (>= 1.99.1)
    net-ssh (2.6.2)
    peach (0.5.1)
    rainbow (1.1.4)
=======
    aws-sdk (1.5.2)
      httparty (~> 0.7)
      json (~> 1.4)
      nokogiri (>= 1.4.4)
      uuidtools (~> 2.1)
    crack (0.3.1)
    httparty (0.8.3)
      multi_json (~> 1.0)
      multi_xml
    json (1.6.1)
    multi_json (1.3.6)
    multi_xml (0.5.1)
    net-scp (1.0.4)
      net-ssh (>= 1.99.1)
    net-ssh (2.1.4)
    nokogiri (1.5.2)
    peach (0.4)
    rainbow (1.1.4)
    trollop (1.16.2)
    uuidtools (2.1.2)
>>>>>>> parent of 1c1c302... begin API

PLATFORMS
  ruby

DEPENDENCIES
<<<<<<< HEAD
  clamp
  httparty
=======
  aws-sdk
  crack
>>>>>>> parent of 1c1c302... begin API
  json
  net-scp
  net-ssh
  peach
  rainbow
<<<<<<< HEAD
=======
  trollop
>>>>>>> parent of 1c1c302... begin API
