GEM
  remote: http://rubygems.org/
  specs:
    awesome_print (1.1.0)
    clamp (0.5.0)
    httparty (0.9.0)
      multi_json (~> 1.0)
      multi_xml
    json (1.7.5)
    multi_json (1.3.7)
    multi_xml (0.5.1)
    net-scp (1.0.4)
      net-ssh (>= 1.99.1)
    net-ssh (2.6.2)
    peach (0.5.1)
    rainbow (1.1.4)

PLATFORMS
  ruby

DEPENDENCIES
  awesome_print
  clamp
  httparty
  json
  net-scp
  net-ssh
  peach
  rainbow
