GEM
  remote: http://rubygems.org/
  specs:
    aws-sdk (1.5.2)
      httparty (~> 0.7)
      json (~> 1.4)
      nokogiri (>= 1.4.4)
      uuidtools (~> 2.1)
    httparty (0.8.3)
      multi_json (~> 1.0)
      multi_xml
    json (1.6.1)
    multi_json (1.3.6)
    multi_xml (0.5.1)
    net-ssh (2.1.4)
    nokogiri (1.5.2)
    peach (0.4)
    rainbow (1.1.4)
    trollop (1.16.2)
    uuidtools (2.1.2)

PLATFORMS
  ruby

DEPENDENCIES
  aws-sdk
  json
  net-ssh
  peach
  rainbow
  trollop
